GEM
  remote: http://rubygems.org/
  specs:
    builder (3.0.0)
    crack (0.1.8)
    httparty (0.7.4)
      crack (= 0.1.8)
    ruby-freshbooks (0.4.0)
      builder (>= 2.1.2)
      httparty (>= 0.5.0)

PLATFORMS
  ruby

DEPENDENCIES
  ruby-freshbooks
